NUGET
  remote: https://www.nuget.org/api/v2
  specs:
    Dapper (1.42)
    FAKE (4.12.0)
    Newtonsoft.Json (8.0.1)
    NUnit (2.6.4)
    NUnit.Runners (2.6.4)
    SharpZipLib (0.86.0)
